PATH
  remote: .
  specs:
    colsole (0.2.1)

GEM
  remote: https://rubygems.org/
  specs:
    ansi (1.5.0)
    builder (3.2.2)
    docile (1.1.5)
    docopt (0.5.0)
    json (1.8.3)
    minitest (5.8.3)
    minitest-reporters (1.1.7)
      ansi
      builder
      minitest (>= 5.0)
      ruby-progressbar
    rake (10.4.2)
    ruby-progressbar (1.7.5)
    run-gem-dev (0.2.1)
      runfile (~> 0.3)
    runfile (0.5.3)
      colsole (~> 0.2)
      docopt (~> 0.5)
    simplecov (0.11.0)
      docile (~> 1.1.0)
      json (~> 1.8)
      simplecov-html (~> 0.10.0)
    simplecov-html (0.10.0)

PLATFORMS
  ruby

DEPENDENCIES
  colsole!
  minitest (~> 5.8)
  minitest-reporters (~> 1.1)
  rake (~> 10.4)
  run-gem-dev (~> 0.2)
  runfile (~> 0.5)
  simplecov (~> 0.10)

BUNDLED WITH
   1.10.6
